GEM
  remote: https://rubygems.org/
  specs:
    frappuccino (0.3.0)

PLATFORMS
  ruby

DEPENDENCIES
  frappuccino (= 0.3.0)
